GEM
  remote: http://rubygems.org/
  specs:
    diff-lcs (1.4.4)
    directory_watcher (1.5.1)
    httpclient (2.8.3)
    rspec (3.2.0)
      rspec-core (~> 3.2.0)
      rspec-expectations (~> 3.2.0)
      rspec-mocks (~> 3.2.0)
    rspec-core (3.2.3)
      rspec-support (~> 3.2.0)
    rspec-expectations (3.2.1)
      diff-lcs (>= 1.2.0, < 2.0)
      rspec-support (~> 3.2.0)
    rspec-mocks (3.2.1)
      diff-lcs (>= 1.2.0, < 2.0)
      rspec-support (~> 3.2.0)
    rspec-support (3.2.2)
    ruby-progressbar (1.10.1)
    rugged (0.26.7)
    thor (1.0.1)

PLATFORMS
  ruby

DEPENDENCIES
  directory_watcher (= 1.5.1)
  httpclient (~> 2.8.3)
  rspec (= 3.2.0)
  ruby-progressbar (~> 1.10.1)
  rugged (>= 0.26.0)
  thor (~> 1.0.1)

BUNDLED WITH
   2.1.4
