GEM
  remote: http://rubygems.org/
  specs:
    diff-lcs (1.2.5)
    highline (1.7.8)
    httpclient (2.7.1)
    mini_portile2 (2.0.0)
    nokogiri (1.6.7.1)
      mini_portile2 (~> 2.0.0.rc2)
    rspec (3.2.0)
      rspec-core (~> 3.2.0)
      rspec-expectations (~> 3.2.0)
      rspec-mocks (~> 3.2.0)
    rspec-core (3.2.3)
      rspec-support (~> 3.2.0)
    rspec-expectations (3.2.1)
      diff-lcs (>= 1.2.0, < 2.0)
      rspec-support (~> 3.2.0)
    rspec-mocks (3.2.1)
      diff-lcs (>= 1.2.0, < 2.0)
      rspec-support (~> 3.2.0)
    rspec-support (3.2.2)
    ruby-progressbar (1.7.5)
    rugged (0.23.3)
    thor (0.19.1)

PLATFORMS
  ruby

DEPENDENCIES
  highline (~> 1.7.8)
  httpclient (~> 2.7.1)
  nokogiri (~> 1.6.7)
  rspec (= 3.2.0)
  ruby-progressbar (~> 1.7.5)
  rugged (~> 0.23.3)
  thor (~> 0.19.1)

BUNDLED WITH
   1.10.6
