GEM
  remote: http://rubygems.org/
  specs:
    commander (4.3.5)
      highline (~> 1.7.2)
    diff-lcs (1.2.5)
    highline (1.7.8)
    rspec (3.2.0)
      rspec-core (~> 3.2.0)
      rspec-expectations (~> 3.2.0)
      rspec-mocks (~> 3.2.0)
    rspec-core (3.2.3)
      rspec-support (~> 3.2.0)
    rspec-expectations (3.2.1)
      diff-lcs (>= 1.2.0, < 2.0)
      rspec-support (~> 3.2.0)
    rspec-mocks (3.2.1)
      diff-lcs (>= 1.2.0, < 2.0)
      rspec-support (~> 3.2.0)
    rspec-support (3.2.2)
    ruby-progressbar (1.7.5)

PLATFORMS
  ruby

DEPENDENCIES
  commander (~> 4.3.5)
  highline (~> 1.7.8)
  rspec (= 3.2.0)
  ruby-progressbar (~> 1.7.5)

BUNDLED WITH
   1.10.6
